GEM
  remote: https://rubygems.org/
  specs:
    builder (3.0.0)
    coderay (1.0.6)
    cucumber (1.1.9)
      builder (>= 2.1.2)
      diff-lcs (>= 1.1.2)
      gherkin (~> 2.9.0)
      json (>= 1.4.6)
      term-ansicolor (>= 1.0.6)
    diff-lcs (1.1.3)
    gherkin (2.9.3)
      json (>= 1.4.6)
    json (1.7.0)
    method_source (0.7.1)
    pry (0.9.9.4)
      coderay (~> 1.0.5)
      method_source (~> 0.7.1)
      slop (>= 2.4.4, < 3)
    rb-appscript (0.6.1)
    rspec-expectations (2.9.1)
      diff-lcs (~> 1.1.3)
    safariwatir (0.4.0)
    slop (2.4.4)
    term-ansicolor (1.0.7)

PLATFORMS
  ruby

DEPENDENCIES
  cucumber
  pry
  rb-appscript
  rspec-expectations
  safariwatir
